GIT
  remote: git://github.com/jondot/guard-sprockets.git
  revision: 4c6ebac094d5f06452bcc74fe75e7c1e2c4f99f2
  specs:
    guard-sprockets (0.2.0)
      guard (>= 0.2.2)
      sprockets (~> 2)

GEM
  remote: http://rubygems.org/
  specs:
    coderay (1.0.8)
    coffee-script (2.2.0)
      coffee-script-source
      execjs
    coffee-script-source (1.4.0)
    execjs (1.4.0)
      multi_json (~> 1.0)
    ffi (1.2.0)
    guard (1.5.4)
      listen (>= 0.4.2)
      lumberjack (>= 1.0.2)
      pry (>= 0.9.10)
      thor (>= 0.14.6)
    hike (1.2.1)
    libnotify (0.8.0)
      ffi (>= 1.0.11)
    listen (0.6.0)
    lumberjack (1.0.2)
    method_source (0.8.1)
    multi_json (1.5.0)
    pry (0.9.10)
      coderay (~> 1.0.5)
      method_source (~> 0.8)
      slop (~> 3.3.1)
    rack (1.4.1)
    rb-inotify (0.8.8)
      ffi (>= 0.5.0)
    slop (3.3.3)
    sprockets (2.8.2)
      hike (~> 1.2)
      multi_json (~> 1.0)
      rack (~> 1.0)
      tilt (~> 1.1, != 1.3.0)
    thor (0.16.0)
    tilt (1.3.3)
    uglifier (1.3.0)
      execjs (>= 0.3.0)
      multi_json (>= 1.0.2, ~> 1.0)

PLATFORMS
  ruby

DEPENDENCIES
  coffee-script
  guard-sprockets!
  libnotify
  rb-inotify
  sprockets
  uglifier
